GEM
  remote: https://rubygems.org/
  specs:
    atk (4.2.9)
      glib2 (= 4.2.9)
    cairo (1.18.4)
      native-package-installer (>= 1.0.3)
      pkg-config (>= 1.2.2)
      red-colors
    cairo-gobject (4.2.9)
      cairo (>= 1.16.2)
      glib2 (= 4.2.9)
    date (3.4.1)
    ffi (1.17.2)
    ffi (1.17.2-x86_64-linux-gnu)
    fiddle (1.1.7)
    gdk4 (4.2.9)
      cairo-gobject (= 4.2.9)
      gdk_pixbuf2 (= 4.2.9)
      pango (= 4.2.9)
    gdk_pixbuf2 (4.2.9)
      gio2 (= 4.2.9)
    gio2 (4.2.9)
      fiddle
      gobject-introspection (= 4.2.9)
    glib2 (4.2.9)
      native-package-installer (>= 1.0.3)
      pkg-config (>= 1.3.5)
    gobject-introspection (4.2.9)
      glib2 (= 4.2.9)
    gtk4 (4.2.9)
      atk (= 4.2.9)
      gdk4 (= 4.2.9)
    gtk4_layer_shell (1.0.0)
    json (2.10.2)
    matrix (0.4.2)
    native-package-installer (1.1.9)
    pango (4.2.9)
      cairo-gobject (= 4.2.9)
      gobject-introspection (= 4.2.9)
    pkg-config (1.6.1)
    psych (5.2.3)
      date
      stringio
    rdoc (6.13.1)
      psych (>= 4.0.0)
    red-colors (0.4.0)
      json
      matrix
    stringio (3.1.7)
    sys-cpu (1.1.0)
      ffi (~> 1.1)
    xdg (9.2.0)

PLATFORMS
  ruby
  x86_64-linux-gnu

DEPENDENCIES
  gtk4 (~> 4.2)
  gtk4_layer_shell (~> 1.0)
  rdoc (~> 6.13)
  sys-cpu (~> 1.1)
  xdg (~> 9.2)

BUNDLED WITH
   2.6.7
